GEM
  remote: https://rubygems.org/
  specs:
    webrick (1.7.0)

PLATFORMS
  x86_64-darwin-21

DEPENDENCIES
  webrick (~> 1.7)

BUNDLED WITH
   2.3.11
